GEM
  remote: http://rubygems.org/
  specs:
    activesupport (4.2.1)
      i18n (~> 0.7)
      json (~> 1.7, >= 1.7.7)
      minitest (~> 5.1)
      thread_safe (~> 0.3, >= 0.3.4)
      tzinfo (~> 1.1)
    dotenv (2.0.2)
    hashie (3.4.1)
    hurley (0.1)
    i18n (0.7.0)
    jira-ruby (0.1.14)
      activesupport
      oauth (~> 0.4.7)
    json (1.8.3)
    minitest (5.7.0)
    oauth (0.4.7)
    thread_safe (0.3.5)
    tzinfo (1.2.2)
      thread_safe (~> 0.1)

PLATFORMS
  ruby

DEPENDENCIES
  dotenv
  hashie
  hurley
  jira-ruby

BUNDLED WITH
   1.10.5
