GEM
  remote: http://rubygems.org/
  specs:
    activesupport (7.0.3)
      concurrent-ruby (~> 1.0, >= 1.0.2)
      i18n (>= 1.6, < 2)
      minitest (>= 5.1)
      tzinfo (~> 2.0)
    concurrent-ruby (1.1.10)
    dotenv (2.0.2)
    hashie (3.4.1)
    hurley (0.1)
    i18n (1.10.0)
      concurrent-ruby (~> 1.0)
    jira-ruby (0.1.14)
      activesupport
      oauth (~> 0.4.7)
    minitest (5.16.0)
    oauth (0.4.7)
    tzinfo (2.0.4)
      concurrent-ruby (~> 1.0)

PLATFORMS
  ruby

DEPENDENCIES
  dotenv
  hashie
  hurley
  jira-ruby

BUNDLED WITH
   1.10.5
